GIT
  remote: https://github.com/bkeepers/qu.git
  revision: d098e2657c92e89a6413bebd9c033930759c061f
  specs:
    qu (0.2.0)
    qu-mongo (0.2.0)
      mongo (~> 1.9.0)
      qu (= 0.2.0)

GEM
  remote: http://rubygems.org/
  specs:
    bson (1.9.2)
    bson_ext (1.9.2)
      bson (~> 1.9.2)
    dotenv (1.0.2)
    exifr (1.2.1)
    foreman (0.77.0)
      dotenv (~> 1.0.2)
      thor (~> 0.19.1)
    mini_magick (4.1.0)
    mongo (1.9.2)
      bson (~> 1.9.2)
    murmurhash3 (0.1.6)
    rake (10.4.2)
    thor (0.19.1)
    thumbnailer (1.4.0)

PLATFORMS
  ruby

DEPENDENCIES
  bson_ext
  exifr
  foreman
  mini_magick
  mongo
  murmurhash3
  qu-mongo!
  rake
  thumbnailer
