GEM
  remote: http://rubygems.org/
  specs:
    bson (1.11.1)
    bson_ext (1.11.1)
      bson (~> 1.11.1)
    dotenv (0.11.1)
      dotenv-deployment (~> 0.0.2)
    dotenv-deployment (0.0.2)
    exifr (1.2.0)
    foreman (0.75.0)
      dotenv (~> 0.11.1)
      thor (~> 0.19.1)
    mini_magick (4.0.0)
    mongo (1.11.1)
      bson (= 1.11.1)
    multi_json (1.10.1)
    murmurhash3 (0.1.4)
    qu (0.2.0)
      multi_json
    qu-mongo (0.2.0)
      mongo
      qu (= 0.2.0)
    rake (10.1.0)
    thor (0.19.1)
    thumbnailer (1.4.0)

PLATFORMS
  ruby

DEPENDENCIES
  bson_ext
  exifr
  foreman
  mini_magick
  mongo
  murmurhash3
  qu-mongo
  rake
  thumbnailer
